GIT
  remote: https://github.com/Shop2market/resque-lock.git
  revision: 8b72f4f87dd0e94118995a1fa18f581c54d72ff6
  specs:
    resque-lock (0.0.1)
      resque
      resque-status
      uuid

GEM
  remote: http://rubygems.org/
  specs:
    base64 (0.2.0)
    concurrent-ruby (1.2.3)
    connection_pool (2.4.1)
    et-orbi (1.2.7)
      tzinfo
    fugit (1.9.0)
      et-orbi (~> 1, >= 1.2.7)
      raabro (~> 1.4)
    macaddr (1.7.2)
      systemu (~> 2.6.5)
    mono_logger (1.1.2)
    multi_json (1.15.0)
    mustermann (3.0.0)
      ruby2_keywords (~> 0.0.1)
    raabro (1.4.0)
    rack (3.0.9.1)
    rack-protection (4.0.0)
      base64 (>= 0.1.0)
      rack (>= 3.0.0, < 4)
    rack-session (2.0.0)
      rack (>= 3.0.0)
    rake (13.2.1)
    redis (5.1.0)
      redis-client (>= 0.17.0)
    redis-client (0.20.0)
      connection_pool
    redis-namespace (1.11.0)
      redis (>= 4)
    resque (1.27.4)
      mono_logger (~> 1.0)
      multi_json (~> 1.0)
      redis-namespace (~> 1.3)
      sinatra (>= 0.9.2)
      vegas (~> 0.1.2)
    resque-cleaner (0.4.1)
      resque
    resque-scheduler (4.10.2)
      mono_logger (~> 1.0)
      redis (>= 3.3)
      resque (>= 1.27)
      rufus-scheduler (~> 3.2, != 3.3)
    resque-status (0.5.0)
      resque (~> 1.19)
    ruby2_keywords (0.0.5)
    rufus-scheduler (3.9.1)
      fugit (~> 1.1, >= 1.1.6)
    sinatra (4.0.0)
      mustermann (~> 3.0)
      rack (>= 3.0.0, < 4)
      rack-protection (= 4.0.0)
      rack-session (>= 2.0.0, < 3)
      tilt (~> 2.0)
    systemu (2.6.5)
    tilt (2.3.0)
    tzinfo (2.0.6)
      concurrent-ruby (~> 1.0)
    uuid (2.3.9)
      macaddr (~> 1.0)
    vegas (0.1.11)
      rack (>= 1.0.0)

PLATFORMS
  ruby

DEPENDENCIES
  rake
  resque
  resque-cleaner
  resque-lock!
  resque-scheduler
  resque-status
  sinatra

BUNDLED WITH
   1.17.2
