GIT
  remote: git://github.com/Shop2market/resque-lock.git
  revision: 8b72f4f87dd0e94118995a1fa18f581c54d72ff6
  specs:
    resque-lock (0.0.1)
      resque
      resque-status
      uuid

GEM
  remote: http://rubygems.org/
  specs:
    macaddr (1.7.1)
      systemu (~> 2.6.2)
    mono_logger (1.1.1)
    multi_json (1.15.0)
    mustermann (1.1.1)
      ruby2_keywords (~> 0.0.1)
    rack (2.2.3)
    rack-protection (2.2.0)
      rack
    rake (13.0.6)
    redis (3.3.5)
    redis-namespace (1.8.1)
      redis (>= 3.0.4)
    resque (1.27.4)
      mono_logger (~> 1.0)
      multi_json (~> 1.0)
      redis-namespace (~> 1.3)
      sinatra (>= 0.9.2)
      vegas (~> 0.1.2)
    resque-cleaner (0.4.1)
      resque
    resque-scheduler (4.0.0)
      mono_logger (~> 1.0)
      redis (~> 3.0)
      resque (~> 1.25)
      rufus-scheduler (~> 3.0)
    resque-status (0.5.0)
      resque (~> 1.19)
    ruby2_keywords (0.0.5)
    rufus-scheduler (3.1.10)
    sinatra (2.2.0)
      mustermann (~> 1.0)
      rack (~> 2.2)
      rack-protection (= 2.2.0)
      tilt (~> 2.0)
    systemu (2.6.5)
    tilt (2.0.10)
    uuid (2.3.8)
      macaddr (~> 1.0)
    vegas (0.1.11)
      rack (>= 1.0.0)

PLATFORMS
  ruby

DEPENDENCIES
  rake
  resque
  resque-cleaner
  resque-lock!
  resque-scheduler
  resque-status
  sinatra

BUNDLED WITH
   1.17.2
